GEM
  remote: http://rubygems.org/
  specs:
    mini_magick (3.1)
      subexec (~> 0.0.4)
    rack (1.2.1)
    sinatra (1.1.0)
      rack (~> 1.1)
      tilt (~> 1.1)
    subexec (0.0.4)
    tapp (1.0.0)
    tilt (1.1)

PLATFORMS
  ruby

DEPENDENCIES
  mini_magick
  sinatra
  tapp
